GEM
  remote: https://rubygems.org/
  specs:
    coderay (1.1.1)
    flickraw (0.9.9)
    method_source (0.8.2)
    pry (0.10.4)
      coderay (~> 1.1.0)
      method_source (~> 0.8.1)
      slop (~> 3.4)
    pry-doc (0.10.0)
      pry (~> 0.9)
      yard (~> 0.9)
    slop (3.6.0)
    yard (0.9.8)

PLATFORMS
  ruby

DEPENDENCIES
  flickraw
  pry
  pry-doc

BUNDLED WITH
   1.14.6
