GEM
  remote: https://rubygems.org/
  specs:
    flickraw (0.9.9)

PLATFORMS
  ruby

DEPENDENCIES
  flickraw

BUNDLED WITH
   1.14.6
